PATH
  remote: .
  specs:
    Prereq (0.0.0)
      rspec
      text-table (~> 1.2.3)

GEM
  remote: https://rubygems.org/
  specs:
    caliph (0.3.1)
    codeclimate-test-reporter (0.4.7)
      simplecov (>= 0.7.1, < 1.0.0)
    corundum (0.4.1)
      bundler
      caliph (~> 0.3)
      mattock (~> 0.9)
      paint (~> 0.8.7)
      rspec (>= 2.0)
      simplecov (>= 0.5.4)
      simplecov-json (>= 0.2)
    diff-lcs (1.2.5)
    docile (1.1.5)
    json (1.8.2)
    mattock (0.9.0)
      caliph (~> 0.3.1)
      rake (~> 10.0)
      tilt (> 0)
      valise (~> 1.1.1)
    multi_json (1.11.0)
    paint (0.8.7)
    rake (10.4.2)
    rspec (3.2.0)
      rspec-core (~> 3.2.0)
      rspec-expectations (~> 3.2.0)
      rspec-mocks (~> 3.2.0)
    rspec-core (3.2.2)
      rspec-support (~> 3.2.0)
    rspec-expectations (3.2.0)
      diff-lcs (>= 1.2.0, < 2.0)
      rspec-support (~> 3.2.0)
    rspec-mocks (3.2.1)
      diff-lcs (>= 1.2.0, < 2.0)
      rspec-support (~> 3.2.0)
    rspec-support (3.2.2)
    simplecov (0.9.2)
      docile (~> 1.1.0)
      multi_json (~> 1.0)
      simplecov-html (~> 0.9.0)
    simplecov-html (0.9.0)
    simplecov-json (0.2)
      json
      simplecov
    text-table (1.2.4)
    tilt (2.0.1)
    valise (1.1.4)

PLATFORMS
  ruby

DEPENDENCIES
  Prereq!
  codeclimate-test-reporter
  corundum
  rake
  rspec
  simplecov
